Brain Vision Data Exchange Header File Version 1.0
; Data created by the Vision Recorder

[Common Infos]
Codepage=UTF-8
DataFile=oddball_3.eeg
MarkerFile=oddball_3.vmrk
DataFormat=BINARY
; Data orientation: MULTIPLEXED=ch1,pt1, ch2,pt1 ...
DataOrientation=MULTIPLEXED
NumberOfChannels=7
; Sampling interval in microseconds
SamplingInterval=2000

[Binary Infos]
BinaryFormat=INT_16

[Channel Infos]
; Each entry: Ch<Channel number>=<Name>,<Reference channel name>,
; <Resolution in "Unit">,<Unit>, Future extensions..
; Fields are delimited by commas, some fields might be omitted (empty).
; Commas in channel names are coded as "\1".
Ch1=F3,,0.1,µV
Ch2=Fz,,0.1,µV
Ch3=F4,,0.1,µV
Ch4=Cz,,0.1,µV
Ch5=P5,,0.1,µV
Ch6=Pz,,0.1,µV
Ch7=P6,,0.1,µV

[Comment]

BrainVision Recorder Professional   -   V. 1.21.0303


A m p l i f i e r  S e t u p
============================
Number of channels: 7
Sampling Rate [Hz]: 500
Sampling Interval [µS]: 2000

Channels
--------
#     Name      Phys. Chn.    Resolution / Unit   Low Cutoff [s]   High Cutoff [Hz]   Notch [Hz]    Series Res. [kOhm] Gradient         Offset
1     F3          1                0.1 µV             10             1000              Off                0                 
2     Fz          2                0.1 µV             10             1000              Off                0                 
3     F4          3                0.1 µV             10             1000              Off                0                 
4     Cz          4                0.1 µV             10             1000              Off                0                 
5     P5          5                0.1 µV             10             1000              Off                0                 
6     Pz          6                0.1 µV             10             1000              Off                0                 
7     P6          7                0.1 µV             10             1000              Off                0                 

S o f t w a r e  F i l t e r s
==============================
#     Low Cutoff [s]   High Cutoff [Hz]   Notch [Hz]
1      0.31831          100                Off
2      0.31831          100                Off
3      0.31831          100                Off
4      0.31831          100                Off
5      0.31831          100                Off
6      0.31831          100                Off
7      0.31831          100                Off


Data Electrodes Selected Impedance Measurement Range: 0 - 10 kOhm
Impedance [kOhm] at 12:37:41 :
F3:           4
Fz:           3
F4:           3
Cz:           4
P5:           1
Pz:           3
P6:           2
Ref:          9
Gnd:         14
